PATH
  remote: .
  specs:
    user_reviews (0.0.8)
      activesupport (~> 3.2.11)
      httparty
      json
      oauth
      rake

GEM
  remote: https://rubygems.org/
  specs:
    activesupport (3.2.13)
      i18n (= 0.6.1)
      multi_json (~> 1.0)
    coderay (1.0.8)
    diff-lcs (1.1.3)
    httparty (0.10.2)
      multi_json (~> 1.0)
      multi_xml (>= 0.5.2)
    i18n (0.6.4)
    json (1.7.7)
    method_source (0.8.1)
    multi_json (1.6.1)
    multi_xml (0.5.2)
    oauth (0.4.7)
    pry (0.9.11.4)
      coderay (~> 1.0.5)
      method_source (~> 0.8)
      slop (~> 3.4)
    rake (10.1.0)
    rspec (2.12.0)
      rspec-core (~> 2.12.0)
      rspec-expectations (~> 2.12.0)
      rspec-mocks (~> 2.12.0)
    rspec-core (2.12.2)
    rspec-expectations (2.12.1)
      diff-lcs (~> 1.1.3)
    rspec-mocks (2.12.2)
    slop (3.4.3)

PLATFORMS
  ruby

DEPENDENCIES
  pry
  rspec
  user_reviews!
